GEM
  remote: http://rubygems.org/
  specs:
    mysql2 (0.3.17)
    rack (1.5.2)

PLATFORMS
  ruby

DEPENDENCIES
  mysql2 (~> 0.3.17)
  rack
