GEM
  remote: http://rubygems.org/
  specs:
    pg (0.17.1)
    rack (1.5.2)

PLATFORMS
  ruby

DEPENDENCIES
  pg (~> 0.17.1)
  rack
